NUGET
  remote: https://nuget.org/api/v2
  specs:
    canopy (0.9.32)
      FSharp.Core (>= 3.0.2)
      Selenium.Support (2.47.0)
      Selenium.WebDriver (2.47.0)
      SizSelCsZzz (0.3.36.0)
    FAKE (4.3.7)
    FSharp.Compiler.Service (1.4.0.4)
    FSharp.Core (4.0.0.1)
    FSharp.Formatting (2.10.0)
      FSharp.Compiler.Service (>= 0.0.87)
      FSharpVSPowerTools.Core (1.8.0)
    FSharpVSPowerTools.Core (1.8.0)
      FSharp.Compiler.Service (>= 0.0.87)
    Microsoft.Bcl (1.1.10)
      Microsoft.Bcl.Build (>= 1.0.14)
    Microsoft.Bcl.Build (1.0.21)
    Microsoft.Net.Http (2.2.29)
      Microsoft.Bcl (>= 1.1.10)
      Microsoft.Bcl.Build (>= 1.0.14)
    Newtonsoft.Json (7.0.1)
    NUnit (2.6.4)
    NUnit.Runners (2.6.4)
    Octokit (0.14.0)
      Microsoft.Net.Http
    Selenium.Support (2.47.0)
      Selenium.WebDriver (>= 2.47.0)
    Selenium.WebDriver (2.47.0)
    SizSelCsZzz (0.3.36)
      Newtonsoft.Json (>= 6.0)
      Selenium.Support (>= 2.40)
      Selenium.WebDriver (>= 2.40)
    SourceLink.Fake (1.1.0)
GITHUB
  remote: fsharp/FAKE
  specs:
    modules/Octokit/Octokit.fsx (7d9f555b03d2d73dc615841ad3e49bd6cda07a81)
      Octokit