NUGET
  remote: https://nuget.org/api/v2
  specs:
    FAKE (4.4.5)
    FSharp.Core (4.0.0.1)
    FsPickler (1.4.0)
    Microsoft.Bcl (1.1.10)
      Microsoft.Bcl.Build (>= 1.0.14)
    Microsoft.Bcl.Build (1.0.21)
    Microsoft.Net.Http (2.2.29)
      Microsoft.Bcl (>= 1.1.10)
      Microsoft.Bcl.Build (>= 1.0.14)
    Octokit (0.16.0)
      Microsoft.Net.Http
    SourceLink.Fake (1.1.0)
    Suave (0.31.2)
      FSharp.Core (>= 3.1.2.5)
      FsPickler (>= 1.2.5)
    Suave.Experimental (0.31.2)
      FSharp.Core (>= 3.1.2.5)
      Suave (>= 0.31.2)
GITHUB
  remote: fsharp/FAKE
  specs:
    modules/Octokit/Octokit.fsx (4915c909c91e6f715b340d2b368e1601348a362a)
      Octokit