NUGET
  remote: https://www.nuget.org/api/v2
  specs:
    BCrypt-Official (0.1.109)
    canopy (0.9.43)
      FSharp.Core (>= 3.0.2)
      Selenium.Support (2.48.2)
      Selenium.WebDriver (2.48.2)
      SizSelCsZzz (0.3.36.0)
    FAKE (4.12.0)
    FSharp.Core (4.0.0.1)
    FAKE (4.10.0)
    FSharp.Core (3.1.2.5)
    Microsoft.Bcl (1.1.10)
      Microsoft.Bcl.Build (>= 1.0.14)
    Microsoft.Bcl.Build (1.0.21) - import_targets: false
    Microsoft.Net.Http (2.2.29)
      Microsoft.Bcl (>= 1.1.10)
      Microsoft.Bcl.Build (>= 1.0.14)
    Newtonsoft.Json (6.0.8)
    Npgsql (3.0.5)
    Octokit (0.17.0)
      Microsoft.Net.Http
    Selenium.Support (2.48.2)
      Selenium.WebDriver (>= 2.48.2)
    Selenium.WebDriver (2.48.2)
    SizSelCsZzz (0.3.36)
      Newtonsoft.Json (>= 6.0)
      Selenium.Support (>= 2.40)
      Selenium.WebDriver (>= 2.40)
    SourceLink.Fake (1.1.0)
    Suave (0.33.0)
      FSharp.Core (>= 3.1.2.5)
    Suave.Experimental (0.33.0)
      FSharp.Core (>= 3.1.2.5)
      Suave (>= 0.33.0)
GITHUB
  remote: fsharp/FAKE
  specs:
    modules/Octokit/Octokit.fsx (3834900476aed462f35ce3acc3ea5c4708971e43)
      Octokit