NUGET
  remote: https://nuget.org/api/v2
  specs:
    BCrypt-Official (0.1.109)
    FAKE (4.10.0)
    FSharp.Core (3.1.2.5)
    Microsoft.Bcl (1.1.10)
      Microsoft.Bcl.Build (>= 1.0.14)
    Microsoft.Bcl.Build (1.0.21) - import_targets: false
    Microsoft.Net.Http (2.2.29)
      Microsoft.Bcl (>= 1.1.10)
      Microsoft.Bcl.Build (>= 1.0.14)
    Npgsql (3.0.3)
    Octokit (0.16.0)
      Microsoft.Net.Http
    SourceLink.Fake (1.1.0)
    Suave (0.33.0)
      FSharp.Core (>= 3.1.2.5)
    Suave.Experimental (0.33.0)
      FSharp.Core (>= 3.1.2.5)
      Suave (>= 0.33.0)
GITHUB
  remote: fsharp/FAKE
  specs:
    modules/Octokit/Octokit.fsx (81a769ae3bbbf5cb28706fa0bb4abbfc2ae0a8a2)
      Octokit